GEM
  remote: http://rubygems.org/
  specs:
    activesupport (3.2.3)
      i18n (~> 0.6)
      multi_json (~> 1.0)
    faraday (0.8.0)
      multipart-post (~> 1.1)
    flickraw (0.9.5)
    i18n (0.6.0)
    jsmin (1.0.1)
    json (1.7.0)
    multi_json (1.3.4)
    multipart-post (1.1.5)
    oauth (0.3.6)
      ruby-hmac (>= 0.3.1)
    rack (1.4.1)
    rack-protection (1.2.0)
      rack
    rack-test (0.6.1)
      rack (>= 1.0)
    ruby-hmac (0.4.0)
    sass (3.1.16)
    shotgun (0.9)
      rack (>= 1.0)
    simple_oauth (0.1.7)
    sinatra (1.3.2)
      rack (~> 1.3, >= 1.3.6)
      rack-protection (~> 1.2)
      tilt (~> 1.3, >= 1.3.3)
    sinatra-assetpack (0.0.11)
      jsmin
      rack-test
      sinatra
      tilt (>= 1.3.0)
    tilt (1.3.3)
    twitter (2.2.5)
      activesupport (>= 2.3.9, < 4)
      faraday (~> 0.8)
      multi_json (~> 1.3)
      simple_oauth (~> 0.1.6)

PLATFORMS
  ruby

DEPENDENCIES
  flickraw (= 0.9.5)
  json
  oauth (= 0.3.6)
  sass (= 3.1.16)
  shotgun (= 0.9)
  sinatra (= 1.3.2)
  sinatra-assetpack
  twitter (= 2.2.5)
