GEM
  remote: http://rubygems.org/
  specs:
    addressable (2.2.8)
    faraday (0.5.7)
      addressable (~> 2.2.4)
      multipart-post (~> 1.1.0)
      rack (>= 1.1.0, < 2)
    faraday_middleware (0.3.2)
      faraday (~> 0.5.4)
    flickraw (0.9.5)
    hashie (1.2.0)
    instagram (0.8.2)
      faraday (~> 0.5.4)
      faraday_middleware (~> 0.3.1)
      hashie (>= 0.4.0)
      multi_json (~> 1.0.3)
    jsmin (1.0.1)
    json (1.7.0)
    multi_json (1.0.4)
    multipart-post (1.1.5)
    rack (1.4.1)
    rack-protection (1.2.0)
      rack
    rack-test (0.6.1)
      rack (>= 1.0)
    sass (3.1.16)
    shotgun (0.9)
      rack (>= 1.0)
    sinatra (1.3.2)
      rack (~> 1.3, >= 1.3.6)
      rack-protection (~> 1.2)
      tilt (~> 1.3, >= 1.3.3)
    sinatra-assetpack (0.0.11)
      jsmin
      rack-test
      sinatra
      tilt (>= 1.3.0)
    tilt (1.3.3)

PLATFORMS
  ruby

DEPENDENCIES
  flickraw (= 0.9.5)
  instagram (= 0.8.2)
  json
  sass (= 3.1.16)
  shotgun (= 0.9)
  sinatra (= 1.3.2)
  sinatra-assetpack
