GEM
  remote: http://rubygems.org/
  specs:
    flickraw (0.9.5)
    jsmin (1.0.1)
    json (1.7.0)
    oauth (0.3.6)
      ruby-hmac (>= 0.3.1)
    rack (1.4.1)
    rack-protection (1.2.0)
      rack
    rack-test (0.6.1)
      rack (>= 1.0)
    ruby-hmac (0.4.0)
    sass (3.1.16)
    shotgun (0.9)
      rack (>= 1.0)
    sinatra (1.3.2)
      rack (~> 1.3, >= 1.3.6)
      rack-protection (~> 1.2)
      tilt (~> 1.3, >= 1.3.3)
    sinatra-assetpack (0.0.11)
      jsmin
      rack-test
      sinatra
      tilt (>= 1.3.0)
    tilt (1.3.3)

PLATFORMS
  ruby

DEPENDENCIES
  flickraw (= 0.9.5)
  json
  oauth (= 0.3.6)
  sass (= 3.1.16)
  shotgun (= 0.9)
  sinatra (= 1.3.2)
  sinatra-assetpack
